GEM
  remote: https://rubygems.org/
  specs:
    activesupport (5.1.2)
      concurrent-ruby (~> 1.0, >= 1.0.2)
      i18n (~> 0.7)
      minitest (~> 5.1)
      tzinfo (~> 1.1)
    aws-sdk (2.10.97)
      aws-sdk-resources (= 2.10.97)
    aws-sdk-core (2.10.97)
      aws-sigv4 (~> 1.0)
      jmespath (~> 1.0)
    aws-sdk-resources (2.10.97)
      aws-sdk-core (= 2.10.97)
    aws-sigv4 (1.0.2)
    concurrent-ruby (1.0.5)
    confidante (0.7.0)
      activesupport (>= 4.0.2)
      hiera (~> 3.3, >= 3.3.1)
    docker-api (1.34.0)
      excon (>= 0.47.0)
      multi_json
    excon (0.59.0)
    hamster (3.0.0)
      concurrent-ruby (~> 1.0)
    hiera (3.4.0)
    i18n (0.8.4)
    jmespath (1.3.1)
    lino (1.1.0)
      hamster (~> 3.0)
      open4 (~> 1.3)
    minitar (0.6.1)
    minitest (5.10.2)
    multi_json (1.12.2)
    open4 (1.3.4)
    rake (11.3.0)
    rake_dependencies (0.15.1)
      hamster (~> 3.0)
      minitar (~> 0.6)
      rubyzip (~> 1.1)
    rake_docker (0.10.0)
      aws-sdk (~> 2.10)
      docker-api (~> 1.33)
    rake_terraform (0.16.0)
      rake_dependencies (~> 0.15)
      ruby-terraform (~> 0.9)
    ruby-terraform (0.9.0)
      lino (~> 1.1)
    rubyzip (1.2.1)
    thread_safe (0.3.6)
    tzinfo (1.2.3)
      thread_safe (~> 0.1)
    version (1.1.1)

PLATFORMS
  ruby

DEPENDENCIES
  activesupport (~> 5.1, >= 5.1.1)
  confidante (~> 0.7.0)
  rake (~> 11.2)
  rake_docker (~> 0.10)
  rake_terraform (~> 0.16)
  version (~> 1.1)

BUNDLED WITH
   1.16.0
